GEM
  remote: https://rubygems.org/
  specs:
    activemodel (4.2.5)
      activesupport (= 4.2.5)
      builder (~> 3.1)
    activerecord (4.2.5)
      activemodel (= 4.2.5)
      activesupport (= 4.2.5)
      arel (~> 6.0)
    activerecord-jdbc-adapter (1.3.19)
      activerecord (>= 2.2)
    activesupport (4.2.5)
      i18n (~> 0.7)
      json (~> 1.7, >= 1.7.7)
      minitest (~> 5.1)
      thread_safe (~> 0.3, >= 0.3.4)
      tzinfo (~> 1.1)
    arel (6.0.3)
    builder (3.2.2)
    colorize (0.7.7)
    figaro (1.1.1)
      thor (~> 0.14)
    i18n (0.7.0)
    jdbc-mysql (5.1.37)
    json (1.8.3)
    json (1.8.3-java)
    minitest (5.8.3)
    mysql (2.9.1)
    parallel (1.6.1)
    thor (0.19.1)
    thread_safe (0.3.5)
    thread_safe (0.3.5-java)
    tzinfo (1.2.2)
      thread_safe (~> 0.1)

PLATFORMS
  java
  ruby

DEPENDENCIES
  activerecord
  activerecord-jdbc-adapter
  colorize
  figaro
  jdbc-mysql
  mysql
  parallel
